PATH
  remote: .
  specs:
    fabric8 (1.0.0)
      colorize (~> 0.8, >= 0.8)
      commander (~> 4.4, >= 4.4)

GEM
  remote: https://rubygems.org/
  specs:
    colorize (0.8.1)
    commander (4.4.5)
      highline (~> 1.7.2)
    highline (1.7.10)

PLATFORMS
  x64-mingw32

DEPENDENCIES
  commander (~> 4.4)
  fabric8!

BUNDLED WITH
   1.16.1
